COPY-LOCAL: FALSE
CONTENT: NONE
RESTRICTION: == net45
NUGET
  remote: https://barsgroup.myget.org/F/b4-v5/auth/3ef5eaa4-6139-4997-ad92-71947dcc67c0
    Castle.Core (3.3.3)
    Castle.Windsor (3.4.0)
      Castle.Core (>= 3.3 < 4.0)
    Iesi.Collections (4.0.1.4000)
    log4net (1.2.10)
    NHibernate (4.1.1.4000)
      Iesi.Collections (>= 4.0 < 5.0)
    NHibernate.Caches.RtMemoryCache (4.0.0.4000)
      NHibernate (>= 4.0.0.4000)
    nhibernate.logger.nlog (1.1.2)
      NHibernate (>= 3.3)
      NLog (>= 2.0)
    NLog (4.4.5)
